GIT
  remote: git://github.com/radar/summer.git
  revision: 871cc5ccc4a223c331b88d2ec90800cc720d70c0
  specs:
    summer (1.0.0)

GEM
  remote: http://rubygems.org/
  specs:
    activemodel (3.0.9)
      activesupport (= 3.0.9)
      builder (~> 2.1.2)
      i18n (~> 0.5.0)
    activerecord (3.0.9)
      activemodel (= 3.0.9)
      activesupport (= 3.0.9)
      arel (~> 2.0.10)
      tzinfo (~> 0.3.23)
    activesupport (3.0.9)
    arel (2.0.10)
    builder (2.1.2)
    cucumber (1.2.1)
      builder (>= 2.1.2)
      diff-lcs (>= 1.1.3)
      gherkin (~> 2.11.0)
      json (>= 1.4.6)
    diff-lcs (1.1.3)
    gherkin (2.11.5)
      json (>= 1.4.6)
    httparty (0.9.0)
      multi_json (~> 1.0)
      multi_xml
    i18n (0.5.0)
    json (1.7.5)
    lookup (1.1.4)
      activerecord (>= 2.3.8)
      nokogiri
      sqlite3 (>= 1.2.5)
    multi_json (1.3.7)
    multi_xml (0.5.1)
    mysql (2.9.0)
    nokogiri (1.4.5)
    sqlite3 (1.3.3)
    tzinfo (0.3.28)

PLATFORMS
  ruby

DEPENDENCIES
  activerecord (~> 3.0.5)
  cucumber
  httparty
  json
  lookup
  mysql
  nokogiri
  summer!
